GEM
  remote: https://rubygems.org/
  specs:
    concurrent-ruby (1.1.8)
    et-orbi (1.2.4)
      tzinfo
    fugit (1.4.2)
      et-orbi (~> 1.1, >= 1.1.8)
      raabro (~> 1.4)
    mysql2 (0.5.3)
    raabro (1.4.0)
    rufus-scheduler (3.7.0)
      fugit (~> 1.1, >= 1.1.6)
    sequel (5.42.0)
    tzinfo (2.0.4)
      concurrent-ruby (~> 1.0)
    tzinfo-data (1.2021.1)
      tzinfo (>= 1.0.0)

PLATFORMS
  ruby

DEPENDENCIES
  mysql2 (~> 0.5.2)
  rufus-scheduler (~> 3.7)
  sequel (~> 5.42)
  tzinfo-data

BUNDLED WITH
   2.1.